PATH
  remote: .
  specs:
    capistrano-aws (0.0.1)
      aws-sdk (~> 2.9)
      colorize (~> 0.8)
      terminal-table (~> 1.7)

GEM
  remote: https://rubygems.org/
  specs:
    ast (2.3.0)
    aws-sdk (2.9.15)
      aws-sdk-resources (= 2.9.15)
    aws-sdk-core (2.9.15)
      aws-sigv4 (~> 1.0)
      jmespath (~> 1.0)
    aws-sdk-resources (2.9.15)
      aws-sdk-core (= 2.9.15)
    aws-sigv4 (1.0.0)
    colorize (0.8.1)
    jmespath (1.3.1)
    parser (2.4.0.0)
      ast (~> 2.2)
    powerpack (0.1.1)
    rainbow (2.2.2)
      rake
    rake (12.0.0)
    rubocop (0.48.1)
      parser (>= 2.3.3.1, < 3.0)
      powerpack (~> 0.1)
      rainbow (>= 1.99.1, < 3.0)
      ruby-progressbar (~> 1.7)
      unicode-display_width (~> 1.0, >= 1.0.1)
    ruby-progressbar (1.8.1)
    terminal-table (1.7.0)
      unicode-display_width (~> 1.1)
    unicode-display_width (1.2.1)

PLATFORMS
  ruby

DEPENDENCIES
  capistrano-aws!
  rubocop (~> 0.48)

BUNDLED WITH
   1.14.6
